GEM
  remote: https://rubygems.org/
  specs:
    json (2.7.2)
    nio4r (2.7.3)
    puma (6.4.2)
      nio4r (~> 2.0)
    rack (3.0.11)
    rack-cors (2.0.2)
      rack (>= 2.0.0)

PLATFORMS
  ruby
  x86_64-linux

DEPENDENCIES
  json (~> 2.7)
  puma (~> 6.4)
  rack (~> 3.0)
  rack-cors (~> 2.0)

BUNDLED WITH
   2.5.6
